GEM
  remote: https://rubygems.org/
  specs:
    faraday (0.15.4)
      multipart-post (>= 1.2, < 3)
    forecast_io (2.0.2)
      faraday
      hashie
      multi_json
    geocoder (1.5.1)
    haml (5.1.2)
      temple (>= 0.8.0)
      tilt
    hashie (3.6.0)
    multi_json (1.13.1)
    multipart-post (2.1.1)
    mustermann (2.0.2)
      ruby2_keywords (~> 0.0.1)
    rack (2.2.4)
    rack-protection (2.2.3)
      rack
    ruby2_keywords (0.0.5)
    sinatra (2.2.3)
      mustermann (~> 2.0)
      rack (~> 2.2)
      rack-protection (= 2.2.3)
      tilt (~> 2.0)
    temple (0.8.1)
    tilt (2.0.11)

PLATFORMS
  ruby

DEPENDENCIES
  bundler (~> 2.0.2)
  forecast_io
  geocoder (~> 1.5, >= 1.5.1)
  haml
  sinatra

BUNDLED WITH
   2.0.2
